GEM
  remote: https://rubygems.org/
  specs:
    minitest (5.25.4)
    rake (13.2.1)

PLATFORMS
  ruby
  x86_64-darwin-19

DEPENDENCIES
  minitest
  rake

BUNDLED WITH
   2.5.6
